GIT
  remote: git://github.com/kesha-antonov/simple_form.git
  revision: a1561c930f3be279f3580c2510f2555f2e67a4f4
  branch: rails-5-0
  specs:
    simple_form (3.2.1)
      actionpack (> 4, < 5.1)
      activemodel (> 4, < 5.1)

GIT
  remote: git://github.com/micapam/administrate.git
  revision: 34492932f530f15c81ae4d5ca3d55998b17e36ad
  ref: 34492932
  specs:
    administrate (0.2.1)
      autoprefixer-rails (~> 6.0)
      datetime_picker_rails (~> 0.0.7)
      jquery-rails (~> 4.0)
      kaminari (> 0.16)
      momentjs-rails (~> 2.8)
      neat (~> 1.1)
      normalize-rails (~> 3.0)
      rails (>= 4.0, < 5.1)
      sass-rails (~> 5.0)
      selectize-rails (~> 0.6)

GIT
  remote: git://github.com/micapam/storext.git
  revision: 3e69a6b68400d9edef69286b30dd4ad92ba3964f
  ref: 3e69a6b6
  specs:
    storext (2.0.1)
      rails (> 4.0)
      virtus

GIT
  remote: git://github.com/norman/friendly_id.git
  revision: 8531cdce5737df541bc2dbf9c0fa3ee4824b6fc8
  ref: 8531cdce
  specs:
    friendly_id (5.2.0.beta.1)
      activerecord (>= 4.0.0)

GIT
  remote: https://github.com/coderdan/draper.git
  revision: 9f3026657fa02763f2cf945d5b935dff693694b4
  specs:
    draper (2.1.0)
      actionpack (>= 3.0)
      activemodel (>= 3.0)
      activesupport (>= 3.0)
      request_store (~> 1.0)

GEM
  remote: https://rubygems.org/
  remote: https://rails-assets.org/
  specs:
    actioncable (5.0.0.rc2)
      actionpack (= 5.0.0.rc2)
      nio4r (~> 1.2)
      websocket-driver (~> 0.6.1)
    actionmailer (5.0.0.rc2)
      actionpack (= 5.0.0.rc2)
      actionview (= 5.0.0.rc2)
      activejob (= 5.0.0.rc2)
      mail (~> 2.5, >= 2.5.4)
      rails-dom-testing (~> 1.0, >= 1.0.5)
    actionpack (5.0.0.rc2)
      actionview (= 5.0.0.rc2)
      activesupport (= 5.0.0.rc2)
      rack (~> 2.x)
      rack-test (~> 0.6.3)
      rails-dom-testing (~> 1.0, >= 1.0.5)
      rails-html-sanitizer (~> 1.0, >= 1.0.2)
    actionview (5.0.0.rc2)
      activesupport (= 5.0.0.rc2)
      builder (~> 3.1)
      erubis (~> 2.7.0)
      rails-dom-testing (~> 1.0, >= 1.0.5)
      rails-html-sanitizer (~> 1.0, >= 1.0.2)
    activejob (5.0.0.rc2)
      activesupport (= 5.0.0.rc2)
      globalid (>= 0.3.6)
    activemodel (5.0.0.rc2)
      activesupport (= 5.0.0.rc2)
    activerecord (5.0.0.rc2)
      activemodel (= 5.0.0.rc2)
      activesupport (= 5.0.0.rc2)
      arel (~> 7.0)
    activesupport (5.0.0.rc2)
      concurrent-ruby (~> 1.0, >= 1.0.2)
      i18n (~> 0.7)
      minitest (~> 5.1)
      tzinfo (~> 1.1)
    acts_as_tree (2.4.0)
      activerecord (>= 3.0.0)
    addressable (2.4.0)
    andand (1.3.3)
    arel (7.0.0)
    autoprefixer-rails (6.3.7)
      execjs
    axiom-types (0.1.1)
      descendants_tracker (~> 0.0.4)
      ice_nine (~> 0.11.0)
      thread_safe (~> 0.3, >= 0.3.1)
    bcrypt (3.1.11)
    bourbon (4.2.7)
      sass (~> 3.4)
      thor (~> 0.19)
    bower-rails (0.10.0)
    builder (3.2.2)
    byebug (9.0.5)
    cancancan (1.15.0)
    capybara (2.7.1)
      addressable
      mime-types (>= 1.16)
      nokogiri (>= 1.3.3)
      rack (>= 1.0.0)
      rack-test (>= 0.5.4)
      xpath (~> 2.0)
    cf-app-utils (0.6)
    codeclimate-test-reporter (0.5.2)
      simplecov (>= 0.7.1, < 1.0.0)
    coderay (1.1.1)
    coercible (1.0.0)
      descendants_tracker (~> 0.0.1)
    coffee-rails (4.1.1)
      coffee-script (>= 2.2.0)
      railties (>= 4.0.0, < 5.1.x)
    coffee-script (2.4.1)
      coffee-script-source
      execjs
    coffee-script-source (1.10.0)
    colorize (0.7.7)
    concurrent-ruby (1.0.2)
    crack (0.4.3)
      safe_yaml (~> 1.0.0)
    database_cleaner (1.5.3)
    datetime_picker_rails (0.0.7)
      momentjs-rails (>= 2.8.1)
    debug_inspector (0.0.2)
    declarative (0.0.7)
      uber (>= 0.0.15)
    descendants_tracker (0.0.4)
      thread_safe (~> 0.3, >= 0.3.1)
    devise (4.1.1)
      bcrypt (~> 3.0)
      orm_adapter (~> 0.1)
      railties (>= 4.1.0, < 5.1)
      responders
      warden (~> 1.2.3)
    diff-lcs (1.2.5)
    disposable (0.3.0)
      declarative (~> 0.0.6)
      representable (>= 2.4.0, <= 3.1.0)
      uber
    docile (1.1.5)
    dotenv (2.1.1)
    dotenv-rails (2.1.1)
      dotenv (= 2.1.1)
      railties (>= 4.0, < 5.1)
    enumerize (1.1.1)
      activesupport (>= 3.2)
    equalizer (0.0.11)
    erubis (2.7.0)
    execjs (2.7.0)
    fabrication (2.15.2)
    faker (1.6.3)
      i18n (~> 0.5)
    ffi (1.9.10)
    gherkin-ruby (0.3.2)
    globalid (0.3.6)
      activesupport (>= 4.1.0)
    gretel (3.0.8)
      rails (>= 3.2.0)
    haml (4.0.7)
      tilt
    hashdiff (0.3.0)
    hashie (3.4.4)
    html2haml (2.0.0)
      erubis (~> 2.7.0)
      haml (~> 4.0.0)
      nokogiri (~> 1.6.0)
      ruby_parser (~> 3.5)
    httparty (0.13.7)
      json (~> 1.8)
      multi_xml (>= 0.5.2)
    i18n (0.7.0)
    ice_nine (0.11.2)
    jbuilder (2.5.0)
      activesupport (>= 3.0.0, < 5.1)
      multi_json (~> 1.2)
    jquery-rails (4.1.1)
      rails-dom-testing (>= 1, < 3)
      railties (>= 4.2.0)
      thor (>= 0.14, < 2.0)
    json (1.8.3)
    kaminari (0.17.0)
      actionpack (>= 3.0.0)
      activesupport (>= 3.0.0)
    launchy (2.4.3)
      addressable (~> 2.3)
    listen (3.1.5)
      rb-fsevent (~> 0.9, >= 0.9.4)
      rb-inotify (~> 0.9, >= 0.9.7)
      ruby_dep (~> 1.2)
    loofah (2.0.3)
      nokogiri (>= 1.5.9)
    mail (2.6.4)
      mime-types (>= 1.16, < 4)
    markerb (1.1.0)
    method_source (0.8.2)
    mime-types (2.99.2)
    mini_magick (4.5.1)
    mini_portile2 (2.1.0)
    minitest (5.9.0)
    momentjs-rails (2.11.1)
      railties (>= 3.1)
    multi_json (1.12.1)
    multi_xml (0.5.5)
    neat (1.8.0)
      sass (>= 3.3)
      thor (~> 0.19)
    netrc (0.11.0)
    nio4r (1.2.1)
    nokogiri (1.6.8.rc3)
      mini_portile2 (~> 2.1.0)
      pkg-config (~> 1.1.7)
    normalize-rails (3.0.3)
    odyssey (0.2.0)
      require_all
    oj (2.12.14)
    orm_adapter (0.5.0)
    pg (0.19.0.pre20160409114042)
    pkg-config (1.1.7)
    prometheus-client (0.5.0)
      quantile (~> 0.2.0)
    pry (0.10.3)
      coderay (~> 1.1.0)
      method_source (~> 0.8.1)
      slop (~> 3.4)
    pry-byebug (3.4.0)
      byebug (~> 9.0)
      pry (~> 0.10)
    puma (3.4.0)
    quantile (0.2.0)
    rack (2.0.0.rc1)
      json
    rack-test (0.6.3)
      rack (>= 1.0)
    rails (5.0.0.rc2)
      actioncable (= 5.0.0.rc2)
      actionmailer (= 5.0.0.rc2)
      actionpack (= 5.0.0.rc2)
      actionview (= 5.0.0.rc2)
      activejob (= 5.0.0.rc2)
      activemodel (= 5.0.0.rc2)
      activerecord (= 5.0.0.rc2)
      activesupport (= 5.0.0.rc2)
      bundler (>= 1.3.0, < 2.0)
      railties (= 5.0.0.rc2)
      sprockets-rails (>= 2.0.0)
    rails-assets-bootstrap-sass (3.3.6)
      rails-assets-jquery (>= 1.9.0)
    rails-assets-editor.md (1.5.0)
    rails-assets-jquery (3.0.0)
    rails-assets-webfontloader (1.6.24)
    rails-controller-testing (0.1.1)
      actionpack (~> 5.x)
      actionview (~> 5.x)
      activesupport (~> 5.x)
    rails-deprecated_sanitizer (1.0.3)
      activesupport (>= 4.2.0.alpha)
    rails-dom-testing (1.0.7)
      activesupport (>= 4.2.0.beta, < 5.0)
      nokogiri (~> 1.6.0)
      rails-deprecated_sanitizer (>= 1.0.1)
    rails-html-sanitizer (1.0.3)
      loofah (~> 2.0)
    rails_12factor (0.0.3)
      rails_serve_static_assets
      rails_stdout_logging
    rails_serve_static_assets (0.0.5)
    rails_stdout_logging (0.0.5)
    railties (5.0.0.rc2)
      actionpack (= 5.0.0.rc2)
      activesupport (= 5.0.0.rc2)
      method_source
      rake (>= 0.8.7)
      thor (>= 0.18.1, < 2.0)
    rake (11.2.2)
    rb-fsevent (0.9.7)
    rb-inotify (0.9.7)
      ffi (>= 0.5.0)
    redcarpet (3.3.4)
    refile (0.3.0)
      rest-client (~> 1.7.2)
    reform (2.2.1)
      disposable (>= 0.3.0, < 0.4.0)
      representable (>= 2.4.0, < 3.1.0)
      uber (~> 0.0.11)
    reform-rails (0.1.2)
      activemodel (>= 3.2)
      reform (>= 2.2.0.rc1)
    representable (3.0.0)
      declarative (~> 0.0.5)
      uber (~> 0.0.15)
    request_store (1.3.1)
    require_all (1.3.3)
    responders (2.2.0)
      railties (>= 4.2.0, < 5.1)
    rest-client (1.7.3)
      mime-types (>= 1.16, < 3.0)
      netrc (~> 0.7)
    rolify (5.1.0)
    rollbar (2.11.5)
      multi_json
    rspec-collection_matchers (1.1.2)
      rspec-expectations (>= 2.99.0.beta1)
    rspec-core (3.5.0.beta4)
      rspec-support (= 3.5.0.beta4)
    rspec-expectations (3.5.0.beta4)
      diff-lcs (>= 1.2.0, < 2.0)
      rspec-support (= 3.5.0.beta4)
    rspec-mocks (3.5.0.beta4)
      diff-lcs (>= 1.2.0, < 2.0)
      rspec-support (= 3.5.0.beta4)
    rspec-rails (3.5.0.beta4)
      actionpack (>= 3.0)
      activesupport (>= 3.0)
      railties (>= 3.0)
      rspec-core (= 3.5.0.beta4)
      rspec-expectations (= 3.5.0.beta4)
      rspec-mocks (= 3.5.0.beta4)
      rspec-support (= 3.5.0.beta4)
    rspec-support (3.5.0.beta4)
    ruby_dep (1.3.1)
    ruby_parser (3.8.2)
      sexp_processor (~> 4.1)
    safe_yaml (1.0.4)
    sass (3.4.22)
    sass-rails (5.0.4)
      railties (>= 4.0.0, < 5.0)
      sass (~> 3.1)
      sprockets (>= 2.8, < 4.0)
      sprockets-rails (>= 2.0, < 4.0)
      tilt (>= 1.1, < 3)
    selectize-rails (0.12.2)
    sexp_processor (4.7.0)
    shoulda-kept-assign-to (1.1.0)
      shoulda-matchers (>= 2.1.0)
    shoulda-matchers (3.1.1)
      activesupport (>= 4.0.0)
    simplecov (0.11.2)
      docile (~> 1.1.0)
      json (~> 1.8)
      simplecov-html (~> 0.10.0)
    simplecov-html (0.10.0)
    slop (3.6.0)
    spinach (0.8.10)
      colorize
      gherkin-ruby (>= 0.3.2)
      json
    sprockets (3.6.2)
      concurrent-ruby (~> 1.0)
      rack (> 1, < 3)
    sprockets-rails (3.0.4)
      actionpack (>= 4.0)
      activesupport (>= 4.0)
      sprockets (>= 3.0.0)
    thor (0.19.1)
    thread_safe (0.3.5)
    tilt (2.0.5)
    turbolinks (5.0.0.beta2)
      turbolinks-source
    turbolinks-source (5.0.0.beta5)
    tzinfo (1.2.2)
      thread_safe (~> 0.1)
    uber (0.0.15)
    uglifier (3.0.0)
      execjs (>= 0.3.0, < 3)
    virtus (1.0.5)
      axiom-types (~> 0.1)
      coercible (~> 1.0)
      descendants_tracker (~> 0.0, >= 0.0.3)
      equalizer (~> 0.0, >= 0.0.9)
    warden (1.2.6)
      rack (>= 1.0)
    web-console (3.3.0)
      activemodel (>= 4.2)
      debug_inspector
      railties (>= 4.2)
    webmock (2.0.3)
      addressable (>= 2.3.6)
      crack (>= 0.3.2)
      hashdiff
    websocket-driver (0.6.4)
      websocket-extensions (>= 0.1.0)
    websocket-extensions (0.1.2)
    with_model (1.2.1)
      activerecord (>= 3.0)
    xpath (2.0.0)
      nokogiri (~> 1.3)

PLATFORMS
  ruby

DEPENDENCIES
  acts_as_tree (~> 2.4.0)
  administrate!
  andand
  bourbon
  bower-rails (~> 0.10.0)
  byebug
  cancancan
  capybara (~> 2.7)
  cf-app-utils
  codeclimate-test-reporter
  coffee-rails (~> 4.1.0)
  database_cleaner (~> 1.5.3)
  devise
  diff-lcs (~> 1.2.5)
  dotenv-rails
  draper!
  enumerize (~> 1.1.1)
  fabrication (~> 2.15.0)
  faker (~> 1.6.3)
  friendly_id!
  gretel
  haml (~> 4.0.7)
  hashie
  html2haml
  httparty (~> 0.13.0)
  jbuilder (~> 2.0)
  jquery-rails
  launchy
  listen
  markerb
  mini_magick
  nokogiri (= 1.6.8.rc3)
  odyssey
  oj (~> 2.12.14)
  pg (>= 0.19.0.beta)
  prometheus-client
  pry-byebug
  puma (~> 3.0)
  rails (>= 5.0.0.beta4, < 5.1)
  rails-assets-bootstrap-sass!
  rails-assets-editor.md!
  rails-assets-webfontloader!
  rails-controller-testing (~> 0.1.1)
  rails_12factor
  rails_serve_static_assets
  redcarpet
  refile
  reform
  reform-rails
  rolify
  rollbar
  rspec-collection_matchers (~> 1.1, >= 1.1.2)
  rspec-rails (>= 3.5.0.beta4)
  sass-rails (~> 5.0)
  shoulda-kept-assign-to (~> 1.1.0)
  shoulda-matchers (~> 3.1)
  simple_form!
  simplecov (~> 0.11.2)
  spinach (~> 0.8.10)
  storext!
  turbolinks (~> 5.x)
  tzinfo-data
  uglifier (>= 1.3.0)
  wdm
  web-console (~> 3.0)
  webmock (~> 2.0.1)
  with_model (~> 1.2.1)

RUBY VERSION
   ruby 2.3.1p112

BUNDLED WITH
   1.12.5
